PATH
  remote: .
  specs:
    tealish (0.1.0)

GEM
  remote: https://rubygems.org/
  specs:
    artii (2.1.2)
    coderay (1.1.2)
    colorize (0.8.1)
    method_source (0.9.2)
    mini_portile2 (2.5.1)
    nokogiri (1.11.4)
      mini_portile2 (~> 2.5.0)
      racc (~> 1.4)
    pry (0.12.2)
      coderay (~> 1.1.0)
      method_source (~> 0.9.0)
    racc (1.5.2)
    rake (10.5.0)

PLATFORMS
  ruby

DEPENDENCIES
  artii
  bundler (~> 2.0)
  colorize
  nokogiri
  pry
  rake (~> 10.0)
  tealish!

BUNDLED WITH
   2.1.4
